GEM
  remote: http://rubygems.org/
  specs:
    imagesize (0.1.1)
    rmagick (2.13.1)

PLATFORMS
  ruby

DEPENDENCIES
  imagesize
  rmagick
